GEM
  remote: https://rubygems.org/
  specs:
    ast (2.3.0)
    finer_struct (0.1.0)
    metaclass (0.0.4)
    mocha (1.1.0)
      metaclass (~> 0.0.1)
    parser (2.3.1.2)
      ast (~> 2.2)
    power_assert (0.3.0)
    powerpack (0.1.1)
    rainbow (2.1.0)
    rubocop (0.42.0)
      parser (>= 2.3.1.1, < 3.0)
      powerpack (~> 0.1)
      rainbow (>= 1.99.1, < 3.0)
      ruby-progressbar (~> 1.7)
      unicode-display_width (~> 1.0, >= 1.0.1)
    ruby-progressbar (1.8.1)
    test-unit (3.2.1)
      power_assert
    unicode-display_width (1.1.0)
    vcr (3.0.3)

PLATFORMS
  ruby

DEPENDENCIES
  finer_struct
  mocha
  rubocop
  test-unit
  vcr

BUNDLED WITH
   1.11.2
